PATH
  remote: .
  specs:
    kiln (0.1.0)
      geomotion (>= 0.7.0)
      sugarcube
      teacup

PATH
  remote: ../sugarcube
  specs:
    sugarcube (0.19.0)

GEM
  remote: https://rubygems.org/
  specs:
    activesupport (3.2.12)
      i18n (~> 0.6)
      multi_json (~> 1.0)
    addressable (2.3.2)
    cocoapods (0.16.2)
      activesupport (~> 3.2.6)
      colored (~> 1.2)
      escape (~> 0.0.4)
      faraday (~> 0.8.1)
      json (~> 1.7.3)
      octokit (~> 1.7)
      open4 (~> 1.3.0)
      rake (~> 0.9.4)
      xcodeproj (~> 0.4.3)
    colored (1.2)
    diff-lcs (1.1.3)
    escape (0.0.4)
    faraday (0.8.5)
      multipart-post (~> 1.1)
    faraday_middleware (0.9.0)
      faraday (>= 0.7.4, < 0.9)
    geomotion (0.7.0)
    hashie (1.2.0)
    i18n (0.6.1)
    json (1.7.7)
    motion-cocoapods (1.2.1)
      cocoapods (>= 0.14.0)
    multi_json (1.6.1)
    multipart-post (1.1.5)
    netrc (0.7.7)
    octokit (1.23.0)
      addressable (~> 2.2)
      faraday (~> 0.8)
      faraday_middleware (~> 0.9)
      hashie (~> 1.2)
      multi_json (~> 1.3)
      netrc (~> 0.7.7)
    open4 (1.3.0)
    rake (0.9.6)
    rspec (2.12.0)
      rspec-core (~> 2.12.0)
      rspec-expectations (~> 2.12.0)
      rspec-mocks (~> 2.12.0)
    rspec-core (2.12.2)
    rspec-expectations (2.12.1)
      diff-lcs (~> 1.1.3)
    rspec-mocks (2.12.2)
    teacup (1.2.5)
      rake
    xcodeproj (0.4.3)
      activesupport (~> 3.2.6)
      colored (~> 1.2)

PLATFORMS
  ruby

DEPENDENCIES
  cocoapods
  geomotion
  kiln!
  motion-cocoapods
  rake
  rspec
  sugarcube!
