PATH
  remote: .
  specs:
    kiln (1.0.3)
      geomotion (>= 0.7.0)
      sugarcube (>= 0.20.1)

GEM
  remote: https://rubygems.org/
  specs:
    diff-lcs (1.1.3)
    geomotion (0.7.0)
    rspec (2.12.0)
      rspec-core (~> 2.12.0)
      rspec-expectations (~> 2.12.0)
      rspec-mocks (~> 2.12.0)
    rspec-core (2.12.2)
    rspec-expectations (2.12.1)
      diff-lcs (~> 1.1.3)
    rspec-mocks (2.12.2)
    sugarcube (0.20.1)

PLATFORMS
  ruby

DEPENDENCIES
  kiln!
  rspec
